PATH
  remote: .
  specs:
    palava_machine (1.0.0)
      bson_ext
      bundler
      daemons
      em-hiredis (~> 0.2.1)
      em-websocket
      hiredis (~> 0.4.5)
      local_port
      logger-colors
      mongo
      rake
      redis (>= 2.2.0)
      resque
      resque-scheduler
      whiskey_disk

GEM
  remote: https://rubygems.org/
  specs:
    atomic (1.1.14)
    bson (1.9.2)
    bson_ext (1.9.2)
      bson (~> 1.9.2)
    daemons (1.1.9)
    diff-lcs (1.2.4)
    em-hiredis (0.2.1)
      hiredis (~> 0.4.0)
    em-websocket (0.5.0)
      eventmachine (>= 0.12.9)
      http_parser.rb (~> 0.5.3)
    eventmachine (1.0.3)
    hiredis (0.4.5)
    http_parser.rb (0.5.3)
    local_port (0.1.0)
    logger-colors (1.0.0)
    mongo (1.9.2)
      bson (~> 1.9.2)
    mono_logger (1.1.0)
    multi_json (1.8.1)
    rack (1.5.2)
    rack-protection (1.5.0)
      rack
    rake (10.1.0)
    redis (3.0.5)
    redis-namespace (1.3.1)
      redis (~> 3.0.0)
    resque (1.24.1)
      mono_logger (~> 1.0)
      multi_json (~> 1.0)
      redis-namespace (~> 1.2)
      sinatra (>= 0.9.2)
      vegas (~> 0.1.2)
    resque-scheduler (2.2.0)
      redis (>= 3.0.0)
      resque (>= 1.20.0, < 1.25)
      rufus-scheduler (~> 2.0)
    rspec (2.14.1)
      rspec-core (~> 2.14.0)
      rspec-expectations (~> 2.14.0)
      rspec-mocks (~> 2.14.0)
    rspec-core (2.14.5)
    rspec-expectations (2.14.3)
      diff-lcs (>= 1.1.3, < 2.0)
    rspec-mocks (2.14.3)
    rufus-scheduler (2.0.24)
      tzinfo (>= 0.3.22)
    sinatra (1.4.3)
      rack (~> 1.4)
      rack-protection (~> 1.4)
      tilt (~> 1.3, >= 1.3.4)
    thread_safe (0.1.3)
      atomic
    tilt (1.4.1)
    tzinfo (1.1.0)
      thread_safe (~> 0.1)
    vegas (0.1.11)
      rack (>= 1.0.0)
    whiskey_disk (0.6.24)
      rake

PLATFORMS
  ruby

DEPENDENCIES
  palava_machine!
  rspec
